GEM
  remote: https://rubygems.org/
  specs:
    activesupport (4.2.3)
      i18n (~> 0.7)
      json (~> 1.7, >= 1.7.7)
      minitest (~> 5.1)
      thread_safe (~> 0.3, >= 0.3.4)
      tzinfo (~> 1.1)
    aws-sdk (1.66.0)
      aws-sdk-v1 (= 1.66.0)
    aws-sdk-v1 (1.66.0)
      json (~> 1.4)
      nokogiri (>= 1.4.4)
    certified (1.0.0)
    claide (0.9.1)
    cocoapods (0.38.2)
      activesupport (>= 3.2.15)
      claide (~> 0.9.1)
      cocoapods-core (= 0.38.2)
      cocoapods-downloader (~> 0.9.1)
      cocoapods-plugins (~> 0.4.2)
      cocoapods-stats (~> 0.5.3)
      cocoapods-trunk (~> 0.6.1)
      cocoapods-try (~> 0.4.5)
      colored (~> 1.2)
      escape (~> 0.0.4)
      molinillo (~> 0.3.1)
      nap (~> 0.8)
      xcodeproj (~> 0.26.3)
    cocoapods-core (0.38.2)
      activesupport (>= 3.2.15)
      fuzzy_match (~> 2.0.4)
      nap (~> 0.8.0)
    cocoapods-downloader (0.9.1)
    cocoapods-plugins (0.4.2)
      nap
    cocoapods-stats (0.5.3)
      nap (~> 0.8)
    cocoapods-trunk (0.6.1)
      nap (>= 0.8)
      netrc (= 0.7.8)
    cocoapods-try (0.4.5)
    colored (1.2)
    commander (4.3.8)
      highline (~> 1.7.2)
    cupertino (1.3.4)
      certified (~> 1.0.0)
      commander (~> 4.3)
      highline (>= 1.7.1)
      mechanize (~> 2.5.1)
      nokogiri (~> 1.6.3)
      security (~> 0.1.2)
      term-ansicolor (~> 1.0.7)
      terminal-table (~> 1.4.5)
    domain_name (0.5.20160128)
      unf (>= 0.0.5, < 1.0.0)
    dotenv (2.1.0)
    dubai (0.1.0)
      commander (~> 4.1)
      json
      rubyzip (~> 1.0)
      sinatra (~> 1.3)
      terminal-table (~> 1.4)
    escape (0.0.4)
    faraday (0.8.11)
      multipart-post (~> 1.2.0)
    faraday_middleware (0.10.0)
      faraday (>= 0.7.4, < 0.10)
    fuzzy_match (2.0.4)
    highline (1.7.8)
    houston (2.2.3)
      commander (~> 4.1)
      json
    i18n (0.7.0)
    json (1.8.3)
    mechanize (2.5.1)
      domain_name (~> 0.5, >= 0.5.1)
      mime-types (~> 1.17, >= 1.17.2)
      net-http-digest_auth (~> 1.1, >= 1.1.1)
      net-http-persistent (~> 2.5, >= 2.5.2)
      nokogiri (~> 1.4)
      ntlm-http (~> 0.1, >= 0.1.1)
      webrobots (~> 0.0, >= 0.0.9)
    mime-types (1.25.1)
    mini_portile2 (2.0.0)
    minitest (5.8.0)
    molinillo (0.3.1)
    multipart-post (1.2.0)
    nap (0.8.0)
    net-http-digest_auth (1.4)
    net-http-persistent (2.9.4)
    net-sftp (2.1.2)
      net-ssh (>= 2.6.5)
    net-ssh (3.0.2)
    netrc (0.7.8)
    nokogiri (1.6.7.2)
      mini_portile2 (~> 2.0.0.rc2)
    nomad-cli (0.0.2)
      cupertino
      dubai
      houston
      shenzhen
      venice
    ntlm-http (0.1.1)
    plist (3.1.0)
    rack (1.6.4)
    rack-protection (1.5.3)
      rack
    rake (10.4.2)
    rubyzip (1.1.7)
    security (0.1.3)
    shenzhen (0.14.2)
      aws-sdk (~> 1.0)
      commander (~> 4.3)
      dotenv (>= 0.7)
      faraday (~> 0.8.9)
      faraday_middleware (~> 0.9)
      highline (>= 1.7.2)
      json (~> 1.8)
      net-sftp (~> 2.1.2)
      plist (~> 3.1.0)
      rubyzip (~> 1.1)
      security (~> 0.1.3)
      terminal-table (~> 1.4.5)
    sinatra (1.4.7)
      rack (~> 1.5)
      rack-protection (~> 1.4)
      tilt (>= 1.3, < 3)
    term-ansicolor (1.0.7)
    terminal-table (1.4.5)
    thread_safe (0.3.5)
    tilt (2.0.2)
    tzinfo (1.2.2)
      thread_safe (~> 0.1)
    unf (0.1.4)
      unf_ext
    unf_ext (0.0.7.2)
    venice (0.2.0)
      commander (~> 4.1)
      json
      terminal-table (~> 1.4)
    webrobots (0.1.2)
    xcjobs (0.0.8)
    xcodeproj (0.26.3)
      activesupport (>= 3)
      claide (~> 0.9.1)
      colored (~> 1.2)
    xcpretty (0.1.8)

PLATFORMS
  ruby

DEPENDENCIES
  cocoapods
  nomad-cli
  rake
  xcjobs
  xcpretty

BUNDLED WITH
   1.11.2
